PATH
  remote: .
  specs:
    mta_service_status (0.1.0)

GEM
  remote: https://rubygems.org/
  specs:
    rake (10.5.0)

PLATFORMS
  ruby

DEPENDENCIES
  bundler (~> 1.16)
  mta_service_status!
  rake (~> 10.0)

BUNDLED WITH
   1.16.1
